GEM
  remote: https://rubygems.org/
  specs:
    haml (3.1.6)
    pg (0.14.0)
    rack (1.4.1)
    rack-protection (1.2.0)
      rack
    rubytree (0.8.2)
    sass (3.1.20)
    sequel (3.37.0)
    sinatra (1.3.2)
      rack (>= 1.3.6, ~> 1.3)
      rack-protection (~> 1.2)
      tilt (>= 1.3.3, ~> 1.3)
    tilt (1.3.3)

PLATFORMS
  ruby

DEPENDENCIES
  haml
  pg
  rubytree
  sass
  sequel
  sinatra
